GEM
  remote: http://rubygems.org/
  specs:
    POpen4 (0.1.4)
      Platform (>= 0.4.0)
      open4
    Platform (0.4.0)
    adsf (1.0.1)
      rack (>= 1.0.0)
    albino (1.3.3)
      posix-spawn (>= 0.3.6)
    builder (3.0.0)
    cri (2.2.0)
    fssm (0.2.8.1)
    kramdown (0.13.5)
    mime-types (1.17.2)
    nanoc (3.3.1)
      cri (~> 2.1)
    nanoc-cachebuster (0.2.0)
      nanoc (>= 3.3.0)
    nokogiri (1.5.0)
    open4 (1.3.0)
    posix-spawn (0.3.6)
    rack (1.4.1)
    rainpress (1.0)
    redcarpet (2.1.0)
    rubypants (0.2.0)
    sass (3.1.15)
    systemu (2.4.2)
    yui-compressor (0.9.6)
      POpen4 (>= 0.1.4)
    yuicompressor (1.2.0)

PLATFORMS
  ruby

DEPENDENCIES
  adsf
  albino
  builder
  fssm
  kramdown
  mime-types
  nanoc
  nanoc-cachebuster
  nokogiri
  open4
  rainpress
  redcarpet
  rubypants
  sass
  systemu
  yui-compressor
  yuicompressor
