GEM
  remote: http://rubygems.org/
  specs:
    POpen4 (0.1.4)
      Platform (>= 0.4.0)
      open4
    Platform (0.4.0)
    adsf (1.1.1)
      rack (>= 1.0.0)
    albino (1.3.3)
      posix-spawn (>= 0.3.6)
    builder (3.2.0)
    colored (1.2)
    cri (2.3.0)
      colored (>= 1.2)
    fssm (0.2.10)
    kramdown (0.14.2)
    listen (0.7.3)
    mime-types (1.21)
    nanoc (3.6.1)
      cri (~> 2.3)
    nanoc-cachebuster (0.3.1)
      nanoc (>= 3.3.0)
    nokogiri (1.5.6)
    open4 (1.3.0)
    posix-spawn (0.3.6)
    rack (1.5.2)
    rack-protection (1.4.0)
      rack
    rainpress (1.0)
    rb-fsevent (0.9.3)
    redcarpet (2.2.2)
    rubypants (0.2.0)
    sass (3.2.6)
    sinatra (1.3.5)
      rack (~> 1.4)
      rack-protection (~> 1.3)
      tilt (~> 1.3, >= 1.3.3)
    systemu (2.5.2)
    tilt (1.3.4)
    yui-compressor (0.9.6)
      POpen4 (>= 0.1.4)
    yuicompressor (1.2.0)

PLATFORMS
  ruby

DEPENDENCIES
  adsf
  albino
  builder
  fssm
  kramdown
  listen
  mime-types
  nanoc
  nanoc-cachebuster
  nokogiri
  open4
  rainpress
  rb-fsevent (~> 0.9)
  redcarpet
  rubypants
  sass
  sinatra
  systemu
  yui-compressor
  yuicompressor
