GIT
  remote: git://github.com/vmg/redcarpet.git
  revision: 31147e9607db31c1a90458805ce7267dab5a2bbc
  specs:
    redcarpet (2.2.2)

GEM
  remote: http://rubygems.org/
  specs:
    POpen4 (0.1.4)
      Platform (>= 0.4.0)
      open4
    Platform (0.4.0)
    adsf (1.1.1)
      rack (>= 1.0.0)
    albino (1.3.3)
      posix-spawn (>= 0.3.6)
    builder (3.2.0)
    colored (1.2)
    cri (2.3.0)
      colored (>= 1.2)
    ffi (1.8.1)
    fssm (0.2.10)
    kramdown (1.0.1)
    listen (1.0.3)
      rb-fsevent (>= 0.9.3)
      rb-inotify (>= 0.9)
      rb-kqueue (>= 0.2)
    mime-types (1.23)
    nanoc (3.6.3)
      cri (~> 2.3)
    nanoc-cachebuster (0.3.1)
      nanoc (>= 3.3.0)
    nokogiri (1.5.9)
    open4 (1.3.0)
    posix-spawn (0.3.6)
    rack (1.5.2)
    rack-protection (1.5.0)
      rack
    rainpress (1.0)
    rb-fsevent (0.9.3)
    rb-inotify (0.9.0)
      ffi (>= 0.5.0)
    rb-kqueue (0.2.0)
      ffi (>= 0.5.0)
    rubypants (0.2.0)
    sass (3.2.8)
    sinatra (1.4.2)
      rack (~> 1.5, >= 1.5.2)
      rack-protection (~> 1.4)
      tilt (~> 1.3, >= 1.3.4)
    systemu (2.5.2)
    tilt (1.3.7)
    yui-compressor (0.9.6)
      POpen4 (>= 0.1.4)
    yuicompressor (1.2.1)

PLATFORMS
  ruby

DEPENDENCIES
  adsf
  albino
  builder
  fssm
  kramdown
  listen
  mime-types
  nanoc
  nanoc-cachebuster
  nokogiri
  open4
  rainpress
  rb-fsevent (~> 0.9)
  redcarpet!
  rubypants
  sass
  sinatra
  systemu
  yui-compressor
  yuicompressor
